PATH
  remote: .
  specs:
    beanstream (1.0.0)
      json (~> 1.7.7)
      rest-client (~> 1.8.0)

GEM
  remote: https://rubygems.org/
  specs:
    activesupport (4.2.11.1)
      i18n (~> 0.7)
      minitest (~> 5.1)
      thread_safe (~> 0.3, >= 0.3.4)
      tzinfo (~> 1.1)
    concurrent-ruby (1.1.6)
    domain_name (0.5.20190701)
      unf (>= 0.0.5, < 1.0.0)
    http-cookie (1.0.3)
      domain_name (~> 0.5)
    i18n (0.9.5)
      concurrent-ruby (~> 1.0)
    json (1.7.7)
    mime-types (2.99.3)
    minitest (5.12.0)
    netrc (0.11.0)
    power_assert (1.1.7)
    rake (12.2.1)
    rest-client (1.8.0)
      http-cookie (>= 1.0.2, < 2.0)
      mime-types (>= 1.16, < 3.0)
      netrc (~> 0.7)
    shoulda (3.5.0)
      shoulda-context (~> 1.0, >= 1.0.1)
      shoulda-matchers (>= 1.4.1, < 3.0)
    shoulda-context (1.2.2)
    shoulda-matchers (2.8.0)
      activesupport (>= 3.0.0)
    test-unit (3.3.5)
      power_assert
    thread_safe (0.3.6)
    tzinfo (1.2.6)
      thread_safe (~> 0.1)
    unf (0.1.4)
      unf_ext
    unf_ext (0.0.7.6)

PLATFORMS
  ruby

DEPENDENCIES
  beanstream!
  rake
  rest-client (~> 1.8.0)
  shoulda
  test-unit

BUNDLED WITH
   1.16.6
